GEM
  remote: http://rubygems.org/
  specs:
    actionmailer (2.3.2)
      actionpack (= 2.3.2)
    actionpack (2.3.2)
      activesupport (= 2.3.2)
    activerecord (2.3.2)
      activesupport (= 2.3.2)
    activeresource (2.3.2)
      activesupport (= 2.3.2)
    activesupport (2.3.2)
    diff-lcs (1.1.2)
    nokogiri (1.5.0-x86-mingw32)
    rack (1.3.2)
    rack-test (0.6.1)
      rack (>= 1.0)
    rails (2.3.2)
      actionmailer (= 2.3.2)
      actionpack (= 2.3.2)
      activerecord (= 2.3.2)
      activeresource (= 2.3.2)
      activesupport (= 2.3.2)
      rake (>= 0.8.3)
    rake (0.9.2)
    rspec (2.1.0)
      rspec-core (~> 2.1.0)
      rspec-expectations (~> 2.1.0)
      rspec-mocks (~> 2.1.0)
    rspec-core (2.1.0)
    rspec-expectations (2.1.0)
      diff-lcs (~> 1.1.2)
    rspec-mocks (2.1.0)
    rspec-rails (2.1.0)
      rspec (~> 2.1.0)
    sqlite3 (1.3.4-x86-mingw32)
    webrat (0.7.3)
      nokogiri (>= 1.2.0)
      rack (>= 1.0)
      rack-test (>= 0.5.3)

PLATFORMS
  x86-mingw32

DEPENDENCIES
  rails
  rspec-rails
  sqlite3
  webrat
